GEM
  remote: http://rubygems.org/
  specs:
    cri (2.2.1)
    growl (1.0.3)
    haml (3.1.4)
    kramdown (0.13.5)
    nanoc (3.4.0)
      cri (~> 2.2)
    nokogiri (1.5.2)
    rake (0.9.2.2)
    rubypants (0.2.0)
    sass (3.1.16)

PLATFORMS
  ruby

DEPENDENCIES
  growl
  haml
  kramdown
  nanoc
  nokogiri
  rake
  rubypants
  sass
