GEM
  remote: http://rubygems.org/
  specs:
    colored (1.2)
    cri (2.3.0)
      colored (>= 1.2)
    haml (3.1.7)
    kramdown (0.14.0)
    listen (0.5.3)
    nanoc (3.5.0)
      cri (~> 2.2)
    nokogiri (1.5.5)
    rake (0.9.2.2)
    rb-fsevent (0.9.2)
    rubypants (0.2.0)
    sass (3.2.1)
    systemu (2.5.2)

PLATFORMS
  ruby

DEPENDENCIES
  haml
  kramdown
  listen
  nanoc
  nokogiri
  rake
  rb-fsevent (~> 0.9.1)
  rubypants
  sass
  systemu
