GIT
  remote: git://github.com/guard/guard-nanoc.git
  revision: 7a44c90333a4077c63a710bbf36216299929d27d
  specs:
    guard-nanoc (2.0.0b1)
      guard (~> 2.8)
      guard-compat (~> 1.0)
      nanoc (~> 4.0.0b4)

GIT
  remote: git://github.com/nanoc/nanoc.git
  revision: afec30bf986ea47828bef9e463fa37799b607620
  specs:
    nanoc (4.0.0b4)
      cri (~> 2.3)

GEM
  remote: https://rubygems.org/
  specs:
    adsf (1.2.0)
      rack (>= 1.0.0)
    ast (2.0.0)
    astrolabe (1.3.1)
      parser (~> 2.2)
    binding_of_caller (0.7.2)
      debug_inspector (>= 0.0.1)
    builder (3.2.2)
    byebug (4.0.5)
      columnize (= 0.9.0)
    chronic (0.10.2)
    coderay (1.1.0)
    colored (1.2)
    columnize (0.9.0)
    cri (2.7.0)
      colored (~> 1.2)
    daemons (1.2.3)
    debug_inspector (0.0.2)
    eventmachine (1.0.7)
    ffi (1.9.10)
    formatador (0.2.5)
    git (1.2.9.1)
    guard (2.12.8)
      formatador (>= 0.2.4)
      listen (>= 2.7, <= 4.0)
      lumberjack (~> 1.0)
      nenv (~> 0.1)
      notiffany (~> 0.0)
      pry (>= 0.9.12)
      shellany (~> 0.0)
      thor (>= 0.18.1)
    guard-compat (1.2.1)
    haml (4.0.6)
      tilt
    interception (0.5)
    json (1.8.3)
    kramdown (1.8.0)
    listen (3.0.1)
      rb-fsevent (>= 0.9.3)
      rb-inotify (>= 0.9)
    lumberjack (1.0.9)
    method_source (0.8.2)
    mini_portile (0.6.2)
    nenv (0.2.0)
    nokogiri (1.6.6.2)
      mini_portile (~> 0.6.0)
    notiffany (0.0.6)
      nenv (~> 0.1)
      shellany (~> 0.0)
    parser (2.2.2.6)
      ast (>= 1.1, < 3.0)
    powerpack (0.1.1)
    pry (0.10.1)
      coderay (~> 1.1.0)
      method_source (~> 0.8.1)
      slop (~> 3.4)
    pry-byebug (3.1.0)
      byebug (~> 4.0)
      pry (~> 0.10)
    pry-rescue (1.4.2)
      interception (>= 0.5)
      pry
    pry-stack_explorer (0.4.9.2)
      binding_of_caller (>= 0.7)
      pry (>= 0.9.11)
    rack (1.6.4)
    rainbow (2.0.0)
    rb-fsevent (0.9.5)
    rb-inotify (0.9.5)
      ffi (>= 0.5.0)
    rubocop (0.32.1)
      astrolabe (~> 1.3)
      parser (>= 2.2.2.5, < 3.0)
      powerpack (~> 0.1)
      rainbow (>= 1.99.1, < 3.0)
      ruby-progressbar (~> 1.4)
    ruby-progressbar (1.7.5)
    rubypants (0.2.0)
    sass (3.4.15)
    shellany (0.0.1)
    slop (3.6.0)
    systemu (2.6.5)
    thin (1.6.3)
      daemons (~> 1.0, >= 1.0.9)
      eventmachine (~> 1.0)
      rack (~> 1.0)
    thor (0.19.1)
    tilt (2.0.1)
    w3c_validators (1.2)
      json
      nokogiri

PLATFORMS
  ruby

DEPENDENCIES
  adsf
  builder
  chronic
  git
  guard-nanoc!
  haml
  kramdown
  nanoc!
  nokogiri
  pry
  pry-byebug
  pry-rescue
  pry-stack_explorer
  rubocop
  rubypants
  sass
  systemu
  thin
  w3c_validators

BUNDLED WITH
   1.10.5
