GEM
  remote: https://rubygems.org/
  specs:
    adsf (1.1.1)
      rack (>= 1.0.0)
    builder (3.1.4)
    colored (1.2)
    cri (2.3.0)
      colored (>= 1.2)
    daemons (1.1.9)
    eventmachine (1.0.0)
    git (1.2.5)
    haml (4.0.0)
      tilt
    json (1.7.7)
    kramdown (0.14.2)
    listen (0.7.2)
    nanoc (3.5.0)
      cri (~> 2.2)
    nokogiri (1.5.6)
    rack (1.5.2)
    rake (10.0.3)
    rb-fsevent (0.9.3)
    rubypants (0.2.0)
    sass (3.2.5)
    systemu (2.5.2)
    thin (1.5.0)
      daemons (>= 1.0.9)
      eventmachine (>= 0.12.6)
      rack (>= 1.0.0)
    tilt (1.3.3)
    w3c_validators (1.2)
      json
      nokogiri

PLATFORMS
  ruby

DEPENDENCIES
  adsf
  builder
  git
  haml
  kramdown
  listen
  nanoc (>= 3.5.0)
  nokogiri
  rake
  rb-fsevent
  rubypants
  sass
  systemu
  thin
  w3c_validators
