GEM
  remote: http://rubygems.org/
  specs:
    builder (3.1.4)
    colored (1.2)
    cri (2.3.0)
      colored (>= 1.2)
    git (1.2.5)
    haml (3.1.7)
    json (1.7.5)
    kramdown (0.14.0)
    listen (0.5.3)
    nanoc (3.5.0)
      cri (~> 2.2)
    nokogiri (1.5.5)
    rake (10.0.2)
    rb-fsevent (0.9.2)
    rubypants (0.2.0)
    sass (3.2.3)
    systemu (2.5.2)
    w3c_validators (1.2)
      json
      nokogiri

PLATFORMS
  ruby

DEPENDENCIES
  builder
  git
  haml
  kramdown
  listen
  nanoc
  nokogiri
  rake
  rb-fsevent (~> 0.9.1)
  rubypants
  sass
  systemu
  w3c_validators
