GEM
  remote: http://rubygems.org/
  specs:
    builder (3.1.4)
    colored (1.2)
    cri (2.3.0)
      colored (>= 1.2)
    git (1.2.5)
    haml (3.1.7)
    json (1.7.6)
    kramdown (0.14.2)
    listen (0.7.2)
    nanoc (3.5.0)
      cri (~> 2.2)
    nokogiri (1.5.6)
    rake (10.0.3)
    rb-fsevent (0.9.3)
    rubypants (0.2.0)
    sass (3.2.5)
    systemu (2.5.2)
    w3c_validators (1.2)
      json
      nokogiri

PLATFORMS
  ruby

DEPENDENCIES
  builder
  git
  haml
  kramdown
  listen
  nanoc (>= 3.5.0)
  nokogiri
  rake
  rb-fsevent
  rubypants
  sass
  systemu
  w3c_validators
