GEM
  remote: https://rubygems.org/
  specs:
    adsf (1.1.1)
      rack (>= 1.0.0)
    builder (3.2.0)
    chronic (0.9.1)
    coderay (1.0.9)
    colored (1.2)
    columnize (0.3.6)
    cri (2.3.0)
      colored (>= 1.2)
    daemons (1.1.9)
    debugger (1.2.4)
      columnize (>= 0.3.1)
      debugger-linecache (~> 1.1.1)
      debugger-ruby_core_source (~> 1.1.7)
    debugger-linecache (1.1.2)
      debugger-ruby_core_source (>= 1.1.1)
    debugger-ruby_core_source (1.1.9)
    eventmachine (1.0.0)
    git (1.2.5)
    haml (4.0.0)
      tilt
    json (1.7.7)
    kramdown (0.14.2)
    listen (0.7.3)
    method_source (0.8.1)
    nanoc (3.6.1)
      cri (~> 2.3)
    nokogiri (1.5.6)
    pry (0.9.12)
      coderay (~> 1.0.5)
      method_source (~> 0.8)
      slop (~> 3.4)
    pry-debugger (0.2.1)
      debugger (~> 1.2.0)
      pry (~> 0.9.10)
    rack (1.5.2)
    rake (10.0.3)
    rb-fsevent (0.9.3)
    rubypants (0.2.0)
    sass (3.2.6)
    slop (3.4.3)
    systemu (2.5.2)
    thin (1.5.0)
      daemons (>= 1.0.9)
      eventmachine (>= 0.12.6)
      rack (>= 1.0.0)
    tilt (1.3.3)
    w3c_validators (1.2)
      json
      nokogiri

PLATFORMS
  ruby

DEPENDENCIES
  adsf
  builder
  chronic
  git
  haml
  kramdown
  listen
  nanoc (>= 3.6.0)
  nokogiri
  pry
  pry-debugger
  rake
  rb-fsevent
  rubypants
  sass
  systemu
  thin
  w3c_validators
